GIT
  remote: git://github.com/rails/coffee-rails.git
  revision: c812f4da1f5adc226ef834b57c2498467761cb2c
  specs:
    coffee-rails (4.0.0)
      coffee-script (>= 2.2.0)
      railties (>= 4.0.0, < 5.0)

GIT
  remote: git://github.com/rails/sass-rails.git
  revision: 31f756f208ee71af935454ab4dfb34786d15e891
  specs:
    sass-rails (4.0.0)
      railties (>= 4.0.0, < 5.0)
      sass (>= 3.1.10)
      sprockets-rails (~> 2.0.0)

GEM
  remote: http://rubygems.org/
  specs:
    actionmailer (4.0.0)
      actionpack (= 4.0.0)
      mail (~> 2.5.3)
    actionpack (4.0.0)
      activesupport (= 4.0.0)
      builder (~> 3.1.0)
      erubis (~> 2.7.0)
      rack (~> 1.5.2)
      rack-test (~> 0.6.2)
    activemodel (4.0.0)
      activesupport (= 4.0.0)
      builder (~> 3.1.0)
    activerecord (4.0.0)
      activemodel (= 4.0.0)
      activerecord-deprecated_finders (~> 1.0.2)
      activesupport (= 4.0.0)
      arel (~> 4.0.0)
    activerecord-deprecated_finders (1.0.3)
    activerecord-jdbc-adapter (1.2.9)
    activerecord-jdbcpostgresql-adapter (1.2.9)
      activerecord-jdbc-adapter (~> 1.2.9)
      jdbc-postgres (>= 9.1, < 9.3)
    activerecord-jdbcsqlite3-adapter (1.2.9)
      activerecord-jdbc-adapter (~> 1.2.9)
      jdbc-sqlite3 (~> 3.7.2)
    activesupport (4.0.0)
      i18n (~> 0.6, >= 0.6.4)
      minitest (~> 4.2)
      multi_json (~> 1.3)
      thread_safe (~> 0.1)
      tzinfo (~> 0.3.37)
    arel (4.0.0)
    asset_sync (0.5.4)
      activemodel
      fog
    atomic (1.1.10)
    atomic (1.1.10-java)
    bcrypt-ruby (3.1.1)
    bcrypt-ruby (3.1.1-java)
    bouncy-castle-java (1.5.0147)
    builder (3.1.4)
    cadmus (0.4.7)
      liquid
      rails (>= 3.0.0)
    cancan (1.6.10)
    carrierwave (0.9.0)
      activemodel (>= 3.2.0)
      activesupport (>= 3.2.0)
      json (>= 1.7)
    childprocess (0.3.9)
      ffi (~> 1.0, >= 1.0.11)
    choice (0.1.6)
    coderay (1.0.9)
    coffee-script (2.2.0)
      coffee-script-source
      execjs
    coffee-script-source (1.6.3)
    devise (3.0.0)
      bcrypt-ruby (~> 3.0)
      orm_adapter (~> 0.1)
      railties (>= 3.2.6, < 5)
      warden (~> 1.2.3)
    erubis (2.7.0)
    excon (0.23.0)
    execjs (1.4.0)
      multi_json (~> 1.0)
    factory_girl (2.6.4)
      activesupport (>= 2.3.9)
    factory_girl_rails (1.7.0)
      factory_girl (~> 2.6.0)
      railties (>= 3.0.0)
    ffi (1.9.0-java)
    fog (1.12.1)
      builder
      excon (~> 0.23.0)
      formatador (~> 0.2.0)
      mime-types
      multi_json (~> 1.0)
      net-scp (~> 1.1)
      net-ssh (>= 2.1.3)
      nokogiri (~> 1.5.0)
      ruby-hmac
    formatador (0.2.4)
    hike (1.2.3)
    i18n (0.6.4)
    jdbc-postgres (9.2.1002.1)
    jdbc-sqlite3 (3.7.2.1)
    jquery-rails (3.0.4)
      railties (>= 3.0, < 5.0)
      thor (>= 0.14, < 2.0)
    jruby-openssl (0.8.8)
      bouncy-castle-java (>= 1.5.0147)
    json (1.8.0)
    json (1.8.0-java)
    liquid (2.5.0)
    mail (2.5.4)
      mime-types (~> 1.16)
      treetop (~> 1.4.8)
    method_source (0.8.1)
    mime-types (1.23)
    minitest (4.7.5)
    mizuno (0.6.6)
      childprocess (>= 0.2.6)
      choice (>= 0.1.0)
      ffi (>= 1.0.0)
      rack (>= 1.0.0)
    multi_json (1.7.7)
    net-scp (1.1.2)
      net-ssh (>= 2.6.5)
    net-ssh (2.6.8)
    nokogiri (1.5.10)
    nokogiri (1.5.10-java)
    orm_adapter (0.4.0)
    pg (0.15.1)
    polyglot (0.3.3)
    pry (0.9.12.2)
      coderay (~> 1.0.5)
      method_source (~> 0.8)
      slop (~> 3.4)
    pry (0.9.12.2-java)
      coderay (~> 1.0.5)
      method_source (~> 0.8)
      slop (~> 3.4)
      spoon (~> 0.0)
    pry-rails (0.3.1)
      pry (>= 0.9.10)
    pry-remote (0.1.7)
      pry (~> 0.9)
      slop (~> 3.0)
    puma (2.3.2)
      rack (>= 1.1, < 2.0)
    puma (2.3.2-java)
      rack (>= 1.1, < 2.0)
    rack (1.5.2)
    rack-test (0.6.2)
      rack (>= 1.0)
    rails (4.0.0)
      actionmailer (= 4.0.0)
      actionpack (= 4.0.0)
      activerecord (= 4.0.0)
      activesupport (= 4.0.0)
      bundler (>= 1.3.0, < 2.0)
      railties (= 4.0.0)
      sprockets-rails (~> 2.0.0)
    railties (4.0.0)
      actionpack (= 4.0.0)
      activesupport (= 4.0.0)
      rake (>= 0.8.7)
      thor (>= 0.18.1, < 2.0)
    rake (10.1.0)
    ruby-hmac (0.4.0)
    sass (3.2.9)
    slop (3.4.5)
    spoon (0.0.4)
      ffi
    sprockets (2.10.0)
      hike (~> 1.2)
      multi_json (~> 1.0)
      rack (~> 1.0)
      tilt (~> 1.1, != 1.3.0)
    sprockets-rails (2.0.0)
      actionpack (>= 3.0)
      activesupport (>= 3.0)
      sprockets (~> 2.8)
    sqlite3 (1.3.7)
    thor (0.18.1)
    thread_safe (0.1.0)
      atomic
    tilt (1.4.1)
    treetop (1.4.14)
      polyglot
      polyglot (>= 0.3.1)
    tzinfo (0.3.37)
    uglifier (2.1.2)
      execjs (>= 0.3.0)
      multi_json (~> 1.0, >= 1.0.2)
    warden (1.2.3)
      rack (>= 1.0)

PLATFORMS
  java
  ruby

DEPENDENCIES
  activerecord-jdbcpostgresql-adapter
  activerecord-jdbcsqlite3-adapter
  asset_sync
  cadmus (>= 0.4.7)
  cancan (>= 1.6.10)
  carrierwave
  coffee-rails!
  devise
  factory_girl (~> 2.6)
  factory_girl_rails
  jquery-rails
  jruby-openssl
  mizuno
  pg
  pry-rails
  pry-remote
  puma
  rails (= 4.0.0)
  sass-rails!
  sqlite3
  uglifier (>= 1.0.3)
